PATH
  remote: .
  specs:
    git-bundle (1.0.19)

GEM
  remote: https://rubygems.org/
  specs:

PLATFORMS
  ruby

DEPENDENCIES
  bundler (~> 2.4.19)
  git-bundle!

BUNDLED WITH
   2.4.19
